PATH
  remote: .
  specs:
    data_steroid (0.6.0)
      activemodel (~> 5.0)
      activesupport (~> 5.0)
      coercible (~> 1.0)
      google-cloud-datastore (~> 0.23)

GEM
  remote: http://rubygems.org/
  specs:
    activemodel (5.0.0.1)
      activesupport (= 5.0.0.1)
    activesupport (5.0.0.1)
      concurrent-ruby (~> 1.0, >= 1.0.2)
      i18n (~> 0.7)
      minitest (~> 5.1)
      tzinfo (~> 1.1)
    addressable (2.5.0)
      public_suffix (~> 2.0, >= 2.0.2)
    byebug (9.0.6)
    coderay (1.1.1)
    coercible (1.0.0)
      descendants_tracker (~> 0.0.1)
    concurrent-ruby (1.0.2)
    descendants_tracker (0.0.4)
      thread_safe (~> 0.3, >= 0.3.1)
    diff-lcs (1.2.5)
    faraday (0.10.0)
      multipart-post (>= 1.2, < 3)
    google-cloud-core (0.21.1)
      googleauth (~> 0.5.1)
    google-cloud-datastore (0.23.0)
      google-cloud-core (~> 0.21.0)
      google-gax (~> 0.6.0)
      google-protobuf (~> 3.0)
      googleapis-common-protos (~> 1.3)
      grpc (~> 1.0)
    google-gax (0.6.0)
      googleapis-common-protos (~> 1.3.1)
      googleauth (~> 0.5.1)
      grpc (~> 1.0)
      rly (~> 0.2.3)
    google-protobuf (3.0.2)
    googleapis-common-protos (1.3.4)
      google-protobuf (~> 3.0)
      grpc (~> 1.0)
    googleauth (0.5.1)
      faraday (~> 0.9)
      jwt (~> 1.4)
      logging (~> 2.0)
      memoist (~> 0.12)
      multi_json (~> 1.11)
      os (~> 0.9)
      signet (~> 0.7)
    grpc (1.0.1)
      google-protobuf (~> 3.0.2)
      googleauth (~> 0.5.1)
    i18n (0.7.0)
    jwt (1.5.6)
    little-plugger (1.1.4)
    logging (2.1.0)
      little-plugger (~> 1.1)
      multi_json (~> 1.10)
    memoist (0.15.0)
    method_source (0.8.2)
    minitest (5.10.1)
    multi_json (1.12.1)
    multipart-post (2.0.0)
    os (0.9.6)
    pry (0.10.4)
      coderay (~> 1.1.0)
      method_source (~> 0.8.1)
      slop (~> 3.4)
    pry-byebug (3.4.2)
      byebug (~> 9.0)
      pry (~> 0.10)
    public_suffix (2.0.4)
    rly (0.2.3)
    rspec (3.5.0)
      rspec-core (~> 3.5.0)
      rspec-expectations (~> 3.5.0)
      rspec-mocks (~> 3.5.0)
    rspec-core (3.5.4)
      rspec-support (~> 3.5.0)
    rspec-expectations (3.5.0)
      diff-lcs (>= 1.2.0, < 2.0)
      rspec-support (~> 3.5.0)
    rspec-mocks (3.5.0)
      diff-lcs (>= 1.2.0, < 2.0)
      rspec-support (~> 3.5.0)
    rspec-support (3.5.0)
    signet (0.7.3)
      addressable (~> 2.3)
      faraday (~> 0.9)
      jwt (~> 1.5)
      multi_json (~> 1.10)
    slop (3.6.0)
    thread_safe (0.3.5)
    tzinfo (1.2.2)
      thread_safe (~> 0.1)

PLATFORMS
  ruby

DEPENDENCIES
  data_steroid!
  pry-byebug
  rspec

RUBY VERSION
   ruby 2.3.3p222

BUNDLED WITH
   1.13.6
